GEM
  remote: https://rubygems.org/
  specs:
    bourbon (4.3.4)
      sass (~> 3.4)
      thor (~> 0.19)
    ffi (1.9.18)
    neat (2.1.0)
      sass (~> 3.4)
      thor (~> 0.19)
    rb-fsevent (0.10.2)
    rb-inotify (0.9.10)
      ffi (>= 0.5.0, < 2)
    sass (3.5.1)
      sass-listen (~> 4.0.0)
    sass-listen (4.0.0)
      rb-fsevent (~> 0.9, >= 0.9.4)
      rb-inotify (~> 0.9, >= 0.9.7)
    thor (0.20.0)

PLATFORMS
  ruby

DEPENDENCIES
  bourbon (~> 4.3.4)
  neat (~> 2.1.0)

BUNDLED WITH
   1.15.4
